PATH
  remote: .
  specs:
    contribulator (0.0.1)
      gli

GEM
  remote: http://rubygems.org/
  specs:
    gli (1.5.1)
    rake (0.9.2.2)

PLATFORMS
  ruby

DEPENDENCIES
  contribulator!
  rake
